PATH
  remote: .
  specs:
    pseudolocalization (0.9.1)

GEM
  remote: https://rubygems.org/
  specs:
    minitest (5.24.0)
    rake (13.2.1)

PLATFORMS
  ruby

DEPENDENCIES
  minitest (~> 5.0)
  pseudolocalization!
  rake (~> 13.0)

BUNDLED WITH
   2.2.33
