PATH
  remote: .
  specs:
    pseudolocalization (0.9.1)

GEM
  remote: https://rubygems.org/
  specs:
    minitest (5.14.4)
    rake (13.0.3)

PLATFORMS
  ruby

DEPENDENCIES
  minitest (~> 5.0)
  pseudolocalization!
  rake (~> 13.0)

BUNDLED WITH
   2.2.22
